GEM
  remote: http://rubygems.org/
  specs:
    kgio (2.6.0)
    rack (1.3.5)
    rack-protection (1.1.4)
      rack
    raindrops (0.8.0)
    rake (0.9.2)
    rdoc (2.5.11)
    rdoc-data (2.5.3)
      rdoc (~> 2.5)
    sinatra (1.3.1)
      rack (~> 1.3, >= 1.3.4)
      rack-protection (~> 1.1, >= 1.1.2)
      tilt (~> 1.3, >= 1.3.3)
    sqlite3 (1.3.4)
    sqlite3-ruby (1.3.3)
      sqlite3 (>= 1.3.3)
    tilt (1.3.3)
    unicorn (4.1.1)
      kgio (~> 2.4)
      rack
      raindrops (~> 0.6)

PLATFORMS
  ruby

DEPENDENCIES
  rack
  rack-protection
  rake
  rdoc
  rdoc-data
  sinatra
  sqlite3
  sqlite3-ruby
  tilt
  unicorn
