GEM
  remote: http://rubygems.org/
  specs:
    addressable (2.7.0)
      public_suffix (>= 2.0.2, < 5.0)
    ansi (1.5.0)
    builder (3.2.3)
    capybara (3.29.0)
      addressable
      mini_mime (>= 0.1.3)
      nokogiri (~> 1.8)
      rack (>= 1.6.0)
      rack-test (>= 0.6.3)
      regexp_parser (~> 1.5)
      xpath (~> 3.2)
    capybara_minitest_spec (1.0.7)
      capybara (>= 2)
      minitest (>= 4)
    coderay (1.1.2)
    ffi (1.11.1)
    formatador (0.2.5)
    guard (1.7.0)
      formatador (>= 0.2.4)
      listen (>= 0.6.0)
      lumberjack (>= 1.0.2)
      pry (>= 0.9.10)
      thor (>= 0.14.6)
    guard-compat (1.2.1)
    guard-minitest (2.4.6)
      guard-compat (~> 1.2)
      minitest (>= 3.0)
    kgio (2.11.2)
    listen (0.7.3)
    lumberjack (1.0.13)
    method_source (0.9.2)
    mini_mime (1.0.2)
    mini_portile2 (2.6.1)
    minitest (5.12.2)
    minitest-reporters (1.4.1)
      ansi
      builder
      minitest (>= 5.0)
      ruby-progressbar
    mustermann (1.0.3)
    nokogiri (1.12.5)
      mini_portile2 (~> 2.6.1)
      racc (~> 1.4)
    pry (0.12.2)
      coderay (~> 1.1.0)
      method_source (~> 0.9.0)
    public_suffix (4.0.1)
    racc (1.5.2)
    rack (2.0.8)
    rack-protection (2.0.7)
      rack
    rack-test (1.1.0)
      rack (>= 1.0, < 3)
    raindrops (0.19.0)
    rake (13.0.0)
    rb-inotify (0.8.8)
      ffi (>= 0.5.0)
    rdoc (4.3.0)
    rdoc-data (4.1.0)
      rdoc (~> 4.0)
    regexp_parser (1.6.0)
    ruby-progressbar (1.10.1)
    sinatra (2.0.7)
      mustermann (~> 1.0)
      rack (~> 2.0)
      rack-protection (= 2.0.7)
      tilt (~> 2.0)
    sqlite3 (1.4.1)
    thor (0.20.3)
    tilt (2.0.10)
    unicorn (5.5.1)
      kgio (~> 2.6)
      raindrops (~> 0.7)
    xpath (3.2.0)
      nokogiri (~> 1.8)

PLATFORMS
  ruby

DEPENDENCIES
  capybara
  capybara_minitest_spec
  guard
  guard-minitest
  minitest-reporters
  rack
  rack-protection
  rake
  rb-inotify (~> 0.8.8)
  rdoc
  rdoc-data
  sinatra
  sqlite3
  tilt
  unicorn

BUNDLED WITH
   2.0.2
